GEM
  remote: http://rubygems.org/
  specs:
    coderay (1.1.1)
    hamlit (2.7.5)
      temple (~> 0.7.6)
      thor
      tilt
    method_source (0.8.2)
    pg (0.19.0)
    pry (0.10.4)
      coderay (~> 1.1.0)
      method_source (~> 0.8.1)
      slop (~> 3.4)
    puma (3.6.2)
    rack (1.6.5)
    rack-flash-session (1.0.2)
      rack (>= 1.0)
    rack-protection (1.5.3)
      rack
    sass (3.4.23)
    shotgun (0.9.2)
      rack (>= 1.0)
    sinatra (1.4.7)
      rack (~> 1.5)
      rack-protection (~> 1.4)
      tilt (>= 1.3, < 3)
    slop (3.6.0)
    temple (0.7.7)
    thor (0.19.4)
    tilt (2.0.5)

PLATFORMS
  ruby

DEPENDENCIES
  hamlit
  pg
  pry
  puma
  rack-flash-session
  sass
  shotgun
  sinatra

RUBY VERSION
   ruby 2.2.3p173

BUNDLED WITH
   1.13.0
