GEM
  remote: http://rubygems.org/
  specs:
    hamlit (2.5.0)
      temple (~> 0.7.6)
      thor
      tilt
    puma (3.6.0)
    rack (1.6.4)
    rack-protection (1.5.3)
      rack
    sass (3.4.22)
    sinatra (1.4.7)
      rack (~> 1.5)
      rack-protection (~> 1.4)
      tilt (>= 1.3, < 3)
    temple (0.7.7)
    thor (0.19.1)
    tilt (2.0.5)

PLATFORMS
  ruby

DEPENDENCIES
  hamlit
  puma
  sass
  sinatra

RUBY VERSION
   ruby 2.2.3p173

BUNDLED WITH
   1.12.5
