GEM
  remote: http://rubygems.org/
  specs:
    coderay (1.1.2)
    ffi (1.9.23)
    hamlit (2.8.8)
      temple (>= 0.8.0)
      thor
      tilt
    method_source (0.9.0)
    mustermann (1.0.2)
    pg (1.0.0)
    pry (0.11.3)
      coderay (~> 1.1.0)
      method_source (~> 0.9.0)
    puma (3.11.4)
    rack (2.0.5)
    rack-flash-session (1.0.2)
      rack (>= 1.0)
    rack-protection (2.0.1)
      rack
    rb-fsevent (0.10.3)
    rb-inotify (0.9.10)
      ffi (>= 0.5.0, < 2)
    sass (3.5.6)
      sass-listen (~> 4.0.0)
    sass-listen (4.0.0)
      rb-fsevent (~> 0.9, >= 0.9.4)
      rb-inotify (~> 0.9, >= 0.9.7)
    shotgun (0.9.2)
      rack (>= 1.0)
    sinatra (2.0.1)
      mustermann (~> 1.0)
      rack (~> 2.0)
      rack-protection (= 2.0.1)
      tilt (~> 2.0)
    temple (0.8.0)
    thor (0.20.0)
    tilt (2.0.8)

PLATFORMS
  ruby

DEPENDENCIES
  hamlit
  pg
  pry
  puma
  rack-flash-session
  sass
  shotgun
  sinatra

RUBY VERSION
   ruby 2.2.3p173

BUNDLED WITH
   1.14.2
